GEM
  remote: https://rubygems.org/
  specs:
    minitest (5.14.3)

PLATFORMS
  x86_64-darwin-18

DEPENDENCIES
  minitest

BUNDLED WITH
   2.2.4
