GEM
  remote: https://rubygems.org/
  specs:
    cgi (0.2.0)
    erb (2.2.2)
      cgi
    minitest (5.14.3)

PLATFORMS
  x86_64-darwin-18

DEPENDENCIES
  erb
  minitest

BUNDLED WITH
   2.2.4
